GEM
  remote: https://rubygems.org/
  specs:
    addressable (2.5.2)
      public_suffix (>= 2.0.2, < 4.0)
    awesome_print (1.8.0)
    buftok (0.2.0)
    chronic (0.10.2)
    coderay (1.1.2)
    colorize (0.8.1)
    domain_name (0.5.20170404)
      unf (>= 0.0.5, < 1.0.0)
    engtagger (0.2.1)
    equalizer (0.0.10)
    et-orbi (1.0.8)
      tzinfo
    faraday (0.9.2)
      multipart-post (>= 1.2, < 3)
    fast-stemmer (1.0.2)
    gingerice (1.2.2)
      addressable
      awesome_print
    highscore (1.2.1)
      whatlanguage (>= 1.0.0)
    htmlentities (4.3.4)
    http (1.0.4)
      addressable (~> 2.3)
      http-cookie (~> 1.0)
      http-form_data (~> 1.0.1)
      http_parser.rb (~> 0.6.0)
    http-cookie (1.0.3)
      domain_name (~> 0.5)
    http-form_data (1.0.3)
    http_parser.rb (0.6.0)
    httplog (1.0.0)
      colorize
      rack
    json (1.8.6)
    memoizable (0.4.2)
      thread_safe (~> 0.3, >= 0.3.1)
    method_source (0.9.0)
    mini_portile2 (2.3.0)
    multipart-post (2.0.0)
    naught (1.1.0)
    nokogiri (1.8.1)
      mini_portile2 (~> 2.3.0)
    nokogiri (1.8.1-x64-mingw32)
      mini_portile2 (~> 2.3.0)
    oauth (0.5.3)
    power_assert (1.1.1)
    pry (0.11.3)
      coderay (~> 1.1.0)
      method_source (~> 0.9.0)
    public_suffix (3.0.1)
    rack (2.0.3)
    rake (12.3.0)
    rufus-scheduler (3.4.2)
      et-orbi (~> 1.0)
    simple_oauth (0.3.1)
    test-unit (3.2.6)
      power_assert
    thread_safe (0.3.6)
    twitter (5.17.0)
      addressable (~> 2.3)
      buftok (~> 0.2.0)
      equalizer (= 0.0.10)
      faraday (~> 0.9.0)
      http (~> 1.0)
      http_parser.rb (~> 0.6.0)
      json (~> 1.8)
      memoizable (~> 0.4.0)
      naught (~> 1.0)
      simple_oauth (~> 0.3.0)
    twitter_ebooks (3.1.6)
      engtagger
      fast-stemmer
      gingerice
      highscore
      htmlentities
      oauth
      pry
      rufus-scheduler
      twitter (~> 5.15)
    tzinfo (1.2.4)
      thread_safe (~> 0.1)
    tzinfo-data (1.2017.3)
      tzinfo (>= 1.0.0)
    unf (0.1.4)
      unf_ext
    unf_ext (0.0.7.4)
    unf_ext (0.0.7.4-x64-mingw32)
    whatlanguage (1.0.6)
    whenever (0.9.4)
      chronic (>= 0.6.3)

PLATFORMS
  ruby
  x64-mingw32
  x86_64-linux

DEPENDENCIES
  bundler
  httplog
  nokogiri
  rake
  test-unit
  twitter_ebooks
  tzinfo-data
  whenever (= 0.9.4)

BUNDLED WITH
   1.16.0
