GEM
  remote: https://rubygems.org/
  specs:
    addressable (2.3.8)
    buftok (0.2.0)
    chronic (0.10.2)
    colorize (0.7.7)
    equalizer (0.0.11)
    faraday (0.9.1)
      multipart-post (>= 1.2, < 3)
    http (0.6.4)
      http_parser.rb (~> 0.6.0)
    http_parser.rb (0.6.0)
    httplog (0.3.0)
      colorize
    json (1.8.2)
    memoizable (0.4.2)
      thread_safe (~> 0.3, >= 0.3.1)
    mime-types (2.6.1)
    multipart-post (2.0.0)
    naught (1.0.0)
    oauth (0.4.7)
    power_assert (0.2.2)
    rake (11.0.1)
    simple_oauth (0.3.1)
    test-unit (3.1.7)
      power_assert
    thread_safe (0.3.5)
    twitter (5.14.0)
      addressable (~> 2.3)
      buftok (~> 0.2.0)
      equalizer (~> 0.0.9)
      faraday (~> 0.9.0)
      http (~> 0.6.0)
      http_parser.rb (~> 0.6.0)
      json (~> 1.8)
      memoizable (~> 0.4.0)
      naught (~> 1.0)
      simple_oauth (~> 0.3.0)
    twitter_oauth (0.4.94)
      json (>= 1.8.0)
      mime-types (>= 1.16)
      oauth (>= 0.4.7)
    whenever (0.9.4)
      chronic (>= 0.6.3)

PLATFORMS
  x64-mingw32

DEPENDENCIES
  bundler
  httplog
  rake
  test-unit
  twitter
  twitter_oauth
  whenever (= 0.9.4)
